GEM
  remote: https://rubygems.org/
  specs:
    dxopal (1.5.2)
      rack (~> 2.0)
      thor (~> 0.20)
    rack (2.2.3)
    thor (0.20.3)

PLATFORMS
  x86_64-darwin-19

DEPENDENCIES
  dxopal

BUNDLED WITH
   2.2.15
