GEM
  remote: https://rubygems.org/
  specs:
    ast (2.4.2)
    parser (3.1.2.0)
      ast (~> 2.4.1)

PLATFORMS
  arm64-darwin-20

DEPENDENCIES
  parser

BUNDLED WITH
   2.3.3
